GEM
  remote: https://rubygems.org/
  specs:
    chartkick (1.2.4)
    curb (0.8.5)
    multi_json (1.9.2)
    puma (2.8.1)
      rack (>= 1.1, < 2.0)
    rack (1.5.2)
    rack-parser (0.6.0)
      rack
    rack-protection (1.5.3)
      rack
    sinatra (1.4.5)
      rack (~> 1.4)
      rack-protection (~> 1.4)
      tilt (~> 1.3, >= 1.3.4)
    tilt (1.4.1)

PLATFORMS
  ruby

DEPENDENCIES
  chartkick
  curb
  multi_json
  puma
  rack-parser
  sinatra
